GEM
  remote: https://rubygems.org/
  specs:
    activemodel (5.2.2)
      activesupport (= 5.2.2)
    activerecord (5.2.2)
      activemodel (= 5.2.2)
      activesupport (= 5.2.2)
      arel (>= 9.0)
    activesupport (5.2.2)
      concurrent-ruby (~> 1.0, >= 1.0.2)
      i18n (>= 0.7, < 2)
      minitest (~> 5.1)
      tzinfo (~> 1.1)
    arel (9.0.0)
    bcrypt (3.1.12)
    concurrent-ruby (1.1.4)
    encrypted_cookie (0.0.5)
      rack (>= 1.1, < 3)
    i18n (1.5.3)
      concurrent-ruby (~> 1.0)
    jpoz-sinatra-recaptcha (0.0.2)
    minitest (5.11.3)
    mustermann (1.0.3)
    pg (1.1.4)
    rack (2.0.6)
    rack-flash3 (1.0.5)
      rack
    rack-protection (2.0.5)
      rack
    rack_csrf (2.6.0)
      rack (>= 1.1.0)
    sinatra (2.0.5)
      mustermann (~> 1.0)
      rack (~> 2.0)
      rack-protection (= 2.0.5)
      tilt (~> 2.0)
    sinatra-activerecord (2.0.13)
      activerecord (>= 3.2)
      sinatra (>= 1.0)
    thread_safe (0.3.6)
    tilt (2.0.9)
    tzinfo (1.2.5)
      thread_safe (~> 0.1)
    will_paginate (3.1.6)

PLATFORMS
  ruby

DEPENDENCIES
  activerecord (~> 5.2.2)
  bcrypt (~> 3.1.5)
  encrypted_cookie
  jpoz-sinatra-recaptcha
  pg (~> 1.1.4)
  rack-flash3
  rack_csrf
  sinatra (~> 2.0.5)
  sinatra-activerecord (~> 2.0.13)
  will_paginate (~> 3.1.6)

RUBY VERSION
   ruby 2.4.0p0

BUNDLED WITH
   2.0.1
