GEM
  remote: https://rubygems.org/
  specs:
    activemodel (4.2.1)
      activesupport (= 4.2.1)
      builder (~> 3.1)
    activerecord (4.2.1)
      activemodel (= 4.2.1)
      activesupport (= 4.2.1)
      arel (~> 6.0)
    activesupport (4.2.1)
      i18n (~> 0.7)
      json (~> 1.7, >= 1.7.7)
      minitest (~> 5.1)
      thread_safe (~> 0.3, >= 0.3.4)
      tzinfo (~> 1.1)
    arel (6.0.0)
    bcrypt-ruby (3.0.1)
    builder (3.2.2)
    i18n (0.7.0)
    jpoz-sinatra-recaptcha (0.0.2)
    json (1.8.3)
    minitest (5.7.0)
    pg (0.18.2)
    rack (1.6.1)
    rack-flash3 (1.0.5)
      rack
    rack-protection (1.5.3)
      rack
    sinatra (1.4.6)
      rack (~> 1.4)
      rack-protection (~> 1.4)
      tilt (>= 1.3, < 3)
    sinatra-activerecord (2.0.6)
      activerecord (>= 3.2)
      sinatra (~> 1.0)
    thread_safe (0.3.5)
    tilt (2.0.1)
    tzinfo (1.2.2)
      thread_safe (~> 0.1)
    will_paginate (3.0.7)

PLATFORMS
  ruby

DEPENDENCIES
  activerecord
  bcrypt-ruby (~> 3.0.0)
  jpoz-sinatra-recaptcha
  pg
  rack-flash3
  sinatra
  sinatra-activerecord
  will_paginate (~> 3.0.6)

BUNDLED WITH
   1.10.3
